GEM
  remote: https://rubygems.org/
  specs:
    curb (0.9.3)
    mini_portile2 (2.2.0)
    nokogiri (1.8.0)
      mini_portile2 (~> 2.2.0)
    redis (3.3.1)

PLATFORMS
  ruby

DEPENDENCIES
  curb
  nokogiri
  redis (= 3.3.1)

BUNDLED WITH
   1.11.2
